GIT
  remote: https://github.com/dry-rb/dry-system.git
  revision: 6ff22632ebc23638a78498cfb074989fb6b05b86
  specs:
    dry-system (0.17.0)
      concurrent-ruby (~> 1.0)
      dry-auto_inject (>= 0.4.0)
      dry-configurable (~> 0.11, >= 0.11.1)
      dry-container (~> 0.7, >= 0.7.2)
      dry-core (~> 0.3, >= 0.3.1)
      dry-equalizer (~> 0.2)
      dry-inflector (~> 0.1, >= 0.1.2)
      dry-struct (~> 1.0)

GEM
  remote: https://rubygems.org/
  specs:
    concurrent-ruby (1.1.6)
    daemons (1.3.1)
    delivery_boy (1.0.0)
      king_konf (~> 0.3)
      ruby-kafka (~> 0.7.8)
    digest-crc (0.4.1)
    dotenv (2.7.5)
    dry-auto_inject (0.7.0)
      dry-container (>= 0.3.4)
    dry-configurable (0.11.3)
      concurrent-ruby (~> 1.0)
      dry-core (~> 0.4, >= 0.4.7)
      dry-equalizer (~> 0.2)
    dry-container (0.7.2)
      concurrent-ruby (~> 1.0)
      dry-configurable (~> 0.1, >= 0.1.3)
    dry-core (0.4.9)
      concurrent-ruby (~> 1.0)
    dry-equalizer (0.3.0)
    dry-events (0.2.0)
      concurrent-ruby (~> 1.0)
      dry-core (~> 0.4)
      dry-equalizer (~> 0.2)
    dry-inflector (0.2.0)
    dry-initializer (3.0.3)
    dry-logic (1.0.6)
      concurrent-ruby (~> 1.0)
      dry-core (~> 0.2)
      dry-equalizer (~> 0.2)
    dry-monads (1.3.5)
      concurrent-ruby (~> 1.0)
      dry-core (~> 0.4, >= 0.4.4)
      dry-equalizer
    dry-monitor (0.3.1)
      dry-configurable (~> 0.5)
      dry-core (~> 0.4)
      dry-equalizer (~> 0.2)
      dry-events (~> 0.1)
    dry-schema (1.4.3)
      concurrent-ruby (~> 1.0)
      dry-configurable (~> 0.8, >= 0.8.3)
      dry-core (~> 0.4)
      dry-equalizer (~> 0.2)
      dry-initializer (~> 3.0)
      dry-logic (~> 1.0)
      dry-types (~> 1.2)
    dry-struct (1.3.0)
      dry-core (~> 0.4, >= 0.4.4)
      dry-equalizer (~> 0.3)
      dry-types (~> 1.3)
      ice_nine (~> 0.11)
    dry-types (1.3.1)
      concurrent-ruby (~> 1.0)
      dry-container (~> 0.3)
      dry-core (~> 0.4, >= 0.4.4)
      dry-equalizer (~> 0.3)
      dry-inflector (~> 0.1, >= 0.1.2)
      dry-logic (~> 1.0, >= 1.0.2)
    dry-validation (1.4.2)
      concurrent-ruby (~> 1.0)
      dry-container (~> 0.7, >= 0.7.1)
      dry-core (~> 0.4)
      dry-equalizer (~> 0.2)
      dry-initializer (~> 3.0)
      dry-schema (~> 1.4, >= 1.4.3)
    envlogic (1.1.0)
      dry-inflector (~> 0.1)
    eventmachine (1.2.7)
    faraday (1.0.0)
      multipart-post (>= 1.2, < 3)
    ice_nine (0.11.2)
    io-console (0.5.6)
    irb (1.2.3)
      reline (>= 0.0.1)
    karafka (1.3.4)
      dry-configurable (~> 0.8)
      dry-inflector (~> 0.1)
      dry-monitor (~> 0.3)
      dry-validation (~> 1.2)
      envlogic (~> 1.1)
      irb (~> 1.0)
      multi_json (>= 1.12)
      rake (>= 11.3)
      ruby-kafka (>= 0.7.8)
      thor (>= 0.20)
      waterdrop (~> 1.3.0)
      zeitwerk (~> 2.1)
    king_konf (0.3.7)
    multi_json (1.14.1)
    multipart-post (2.1.1)
    mustermann (2.0.2)
      ruby2_keywords (~> 0.0.1)
    pg (1.2.2)
    rack (2.2.4)
    rack-protection (2.2.3)
      rack
    rake (13.0.1)
    reline (0.1.3)
      io-console (~> 0.5)
    rom (5.2.1)
      rom-changeset (~> 5.2)
      rom-core (~> 5.2)
      rom-repository (~> 5.2)
    rom-changeset (5.2.1)
      dry-core (~> 0.4)
      rom-core (~> 5.2)
      transproc (~> 1.0, >= 1.1.0)
    rom-core (5.2.1)
      concurrent-ruby (~> 1.1)
      dry-container (~> 0.7)
      dry-core (~> 0.4)
      dry-equalizer (~> 0.2)
      dry-inflector (~> 0.1)
      dry-initializer (~> 3.0, >= 3.0.1)
      dry-struct (~> 1.0)
      dry-types (~> 1.0)
      transproc (~> 1.0, >= 1.1.0)
    rom-repository (5.2.1)
      dry-core (~> 0.4)
      dry-initializer (~> 3.0, >= 3.0.1)
      rom-core (~> 5.2)
    rom-sql (3.2.0)
      dry-core (~> 0.4)
      dry-equalizer (~> 0.2)
      dry-types (~> 1.0)
      rom-core (~> 5.2, >= 5.2.1)
      sequel (>= 4.49)
    ruby-kafka (0.7.10)
      digest-crc
    ruby2_keywords (0.0.5)
    sequel (5.29.0)
    sinatra (2.2.3)
      mustermann (~> 2.0)
      rack (~> 2.2)
      rack-protection (= 2.2.3)
      tilt (~> 2.0)
    thin (1.7.2)
      daemons (~> 1.0, >= 1.0.9)
      eventmachine (~> 1.0, >= 1.0.4)
      rack (>= 1, < 3)
    thor (1.0.1)
    tilt (2.0.11)
    transproc (1.1.1)
    waterdrop (1.3.4)
      delivery_boy (>= 0.2, < 2.x)
      dry-configurable (~> 0.8)
      dry-monitor (~> 0.3)
      dry-validation (~> 1.2)
      ruby-kafka (>= 0.7.8)
      zeitwerk (~> 2.1)
    zeitwerk (2.2.2)

PLATFORMS
  ruby

DEPENDENCIES
  dotenv
  dry-monads
  dry-struct
  dry-system!
  faraday
  karafka
  pg
  rake
  rom
  rom-repository
  rom-sql
  sinatra
  thin
  waterdrop

RUBY VERSION
   ruby 2.7.0p0

BUNDLED WITH
   2.1.2
